GEM
  remote: https://rubygems.org/
  specs:
    awesome_print (1.8.0)
    chunky_png (1.3.12)
    rainbow (3.0.0)
    rake (13.0.1)

PLATFORMS
  ruby

DEPENDENCIES
  awesome_print (~> 1.8)
  bundler (~> 2.0)
  chunky_png (~> 1.3.11)
  rainbow (~> 3.0.0)
  rake (~> 13.0)

RUBY VERSION
   ruby 2.7.1p83

BUNDLED WITH
   2.1.4
